GEM
  remote: https://rubygems.org/
  specs:
    chronic (0.10.2)
    little-plugger (1.1.3)
    logging (1.8.2)
      little-plugger (>= 1.1.3)
      multi_json (>= 1.8.4)
    logging-remote-syslog (0.0.5)
      logging (>= 1.6.1)
      remote_syslog_logger (>= 1.0.3)
    multi_json (1.10.1)
    remote_syslog_logger (1.0.3)
      syslog_protocol
    syslog_protocol (0.9.2)

PLATFORMS
  ruby

DEPENDENCIES
  chronic
  logging-remote-syslog
